GEM
  remote: https://rubygems.org/
  specs:
    activemodel (5.0.0.1)
      activesupport (= 5.0.0.1)
    activerecord (5.0.0.1)
      activemodel (= 5.0.0.1)
      activesupport (= 5.0.0.1)
      arel (~> 7.0)
    activesupport (5.0.0.1)
      concurrent-ruby (~> 1.0, >= 1.0.2)
      i18n (~> 0.7)
      minitest (~> 5.1)
      tzinfo (~> 1.1)
    arel (7.1.4)
    coderay (1.1.1)
    concurrent-ruby (1.0.2)
    diff-lcs (1.2.5)
    docile (1.1.5)
    http-accept (1.6.0)
    i18n (0.7.0)
    json (2.0.2)
    latinum (1.0.0)
    mail (2.6.4)
      mime-types (>= 1.16, < 4)
    mapping (1.0.0)
    method_source (0.8.2)
    mime-types (3.1)
      mime-types-data (~> 3.2015)
    mime-types-data (3.2016.0521)
    minitest (5.9.1)
    mysql2 (0.4.5)
    passenger (5.0.30)
      rack
      rake (>= 0.8.1)
    pry (0.10.4)
      coderay (~> 1.1.0)
      method_source (~> 0.8.1)
      slop (~> 3.4)
    puma (3.6.0)
    rack (2.0.1)
    rack-test (0.6.3)
      rack (>= 1.0)
    rainbow (2.0.0)
    rake (11.3.0)
    rspec (3.5.0)
      rspec-core (~> 3.5.0)
      rspec-expectations (~> 3.5.0)
      rspec-mocks (~> 3.5.0)
    rspec-core (3.5.4)
      rspec-support (~> 3.5.0)
    rspec-expectations (3.5.0)
      diff-lcs (>= 1.2.0, < 2.0)
      rspec-support (~> 3.5.0)
    rspec-mocks (3.5.0)
      diff-lcs (>= 1.2.0, < 2.0)
      rspec-support (~> 3.5.0)
    rspec-support (3.5.0)
    samovar (1.3.0)
      mapping (~> 1.0.0)
      rainbow (~> 2.0)
    simplecov (0.12.0)
      docile (~> 1.1.0)
      json (>= 1.8, < 3)
      simplecov-html (~> 0.10.0)
    simplecov-html (0.10.0)
    slop (3.6.0)
    thread_safe (0.3.5)
    trenni (1.7.0)
    trenni-formatters (1.2.0)
      mapping (~> 1.0.0)
      trenni (~> 1.7.0)
    tzinfo (1.2.2)
      thread_safe (~> 0.1)
    utopia (1.8.3)
      concurrent-ruby (~> 1.0)
      http-accept (~> 1.6)
      mail (~> 2.6)
      mime-types (~> 3.0)
      rack (~> 2.0)
      samovar (~> 1.1)
      trenni (~> 1.6)

PLATFORMS
  ruby

DEPENDENCIES
  activerecord (~> 5.0)
  bundler
  latinum (~> 1.0)
  mapping (~> 1.0)
  mysql2
  passenger
  pry
  puma
  rack-test
  rainbow (~> 2.0.0)
  rake
  rspec
  simplecov
  trenni-formatters (~> 1.2)
  utopia (~> 1.8.3)

BUNDLED WITH
   1.13.2
