GEM
  remote: https://rubygems.org/
  specs:
    activemodel (4.2.1)
      activesupport (= 4.2.1)
      builder (~> 3.1)
    activerecord (4.2.1)
      activemodel (= 4.2.1)
      activesupport (= 4.2.1)
      arel (~> 6.0)
    activesupport (4.2.1)
      i18n (~> 0.7)
      json (~> 1.7, >= 1.7.7)
      minitest (~> 5.1)
      thread_safe (~> 0.3, >= 0.3.4)
      tzinfo (~> 1.1)
    arel (6.0.0)
    builder (3.2.2)
    coderay (1.1.0)
    i18n (0.7.0)
    json (1.8.2)
    mail (2.6.3)
      mime-types (>= 1.16, < 3)
    method_source (0.8.2)
    mime-types (2.6.1)
    minitest (5.6.1)
    mysql2 (0.3.18)
    pry (0.10.1)
      coderay (~> 1.1.0)
      method_source (~> 0.8.1)
      slop (~> 3.4)
    puma (2.11.3)
      rack (>= 1.1, < 2.0)
    rack (1.6.4)
    rack-cache (1.2)
      rack (>= 0.4)
    slop (3.6.0)
    thread_safe (0.3.5)
    trenni (1.4.1)
    tzinfo (1.2.2)
      thread_safe (~> 0.1)
    utopia (1.0.10)
      mail (~> 2.6.1)
      mime-types (~> 2.0)
      rack (~> 1.5)
      rack-cache (~> 1.2.0)
      trenni (~> 1.4.1)

PLATFORMS
  ruby

DEPENDENCIES
  activerecord (~> 4.0)
  mysql2
  pry
  puma
  utopia (~> 1.0.10)
